GEM
  remote: https://rubygems.org/
  specs:
    activemodel (7.2.2.1)
      activesupport (= 7.2.2.1)
    activesupport (7.2.2.1)
      base64
      benchmark (>= 0.3)
      bigdecimal
      concurrent-ruby (~> 1.0, >= 1.3.1)
      connection_pool (>= 2.2.5)
      drb
      i18n (>= 1.6, < 2)
      logger (>= 1.4.2)
      minitest (>= 5.1)
      securerandom (>= 0.3)
      tzinfo (~> 2.0, >= 2.0.5)
    addressable (2.8.7)
      public_suffix (>= 2.0.2, < 7.0)
    amazing_print (1.7.2)
    base64 (0.2.0)
    benchmark (0.4.0)
    bigdecimal (3.1.9)
    bridgetown (1.3.3)
      bridgetown-builder (= 1.3.3)
      bridgetown-core (= 1.3.3)
      bridgetown-paginate (= 1.3.3)
    bridgetown-builder (1.3.3)
      bridgetown-core (= 1.3.3)
    bridgetown-core (1.3.3)
      activemodel (>= 6.0, < 8.0)
      activesupport (>= 6.0, < 8.0)
      addressable (~> 2.4)
      amazing_print (~> 1.2)
      colorator (~> 1.0)
      csv (~> 3.2)
      erubi (~> 1.9)
      faraday (~> 2.0)
      faraday-follow_redirects (~> 0.3)
      hash_with_dot_access (~> 1.2)
      i18n (~> 1.0)
      kramdown (~> 2.1)
      kramdown-parser-gfm (~> 1.0)
      liquid (~> 5.0)
      listen (~> 3.0)
      rake (>= 13.0)
      roda (~> 3.46)
      rouge (>= 3.0, < 5.0)
      serbea (~> 1.0)
      thor (~> 1.1)
      tilt (~> 2.0)
      zeitwerk (~> 2.5)
    bridgetown-lit-renderer (2.1.0.beta2)
      bridgetown (>= 1.3.0.beta2, < 2.0)
      random-port (>= 0.5)
    bridgetown-paginate (1.3.3)
      bridgetown-core (= 1.3.3)
    bridgetown-quick-search (3.0.3)
      bridgetown (>= 1.2.0.beta2, < 3.0)
    bridgetown-seo-tag (6.0.0)
      bridgetown (>= 1.2.0.beta5, < 2.0)
    bridgetown-sitemap (2.0.2)
      bridgetown (>= 1.2.0, < 2.0)
    bridgetown-svg-inliner (2.0.0)
      bridgetown (>= 1.2.0, < 2.0)
      nokogiri
    bridgetown_internal_markdown_links (0.2.0)
      bridgetown (>= 1.2.0, < 2.0)
    colorator (1.1.0)
    concurrent-ruby (1.3.5)
    connection_pool (2.5.0)
    csv (3.3.2)
    drb (2.2.1)
    erubi (1.13.1)
    faraday (2.12.2)
      faraday-net_http (>= 2.0, < 3.5)
      json
      logger
    faraday-follow_redirects (0.3.0)
      faraday (>= 1, < 3)
    faraday-net_http (3.4.0)
      net-http (>= 0.5.0)
    ffi (1.17.1-arm64-darwin)
    ffi (1.17.1-x86_64-darwin)
    ffi (1.17.1-x86_64-linux-gnu)
    hash_with_dot_access (1.2.0)
      activesupport (>= 5.0.0, < 8.0)
    i18n (1.14.7)
      concurrent-ruby (~> 1.0)
    json (2.10.2)
    kramdown (2.5.1)
      rexml (>= 3.3.9)
    kramdown-parser-gfm (1.1.0)
      kramdown (~> 2.0)
    liquid (5.8.1)
      bigdecimal
      strscan (>= 3.1.1)
    listen (3.9.0)
      rb-fsevent (~> 0.10, >= 0.10.3)
      rb-inotify (~> 0.9, >= 0.9.10)
    logger (1.6.6)
    minitest (5.25.5)
    net-http (0.6.0)
      uri
    nio4r (2.7.4)
    nokogiri (1.18.4-arm64-darwin)
      racc (~> 1.4)
    nokogiri (1.18.4-x86_64-darwin)
      racc (~> 1.4)
    nokogiri (1.18.4-x86_64-linux-gnu)
      racc (~> 1.4)
    public_suffix (6.0.1)
    puma (6.6.0)
      nio4r (~> 2.0)
    racc (1.8.1)
    rack (3.1.12)
    rake (13.2.1)
    random-port (0.7.5)
      tago (> 0)
    rb-fsevent (0.11.2)
    rb-inotify (0.11.1)
      ffi (~> 1.0)
    rexml (3.4.1)
    roda (3.90.0)
      rack
    rouge (4.5.1)
    securerandom (0.4.1)
    serbea (1.0.1)
      activesupport (>= 6.0)
      erubi (>= 1.10)
      tilt (~> 2.0)
    strscan (3.1.2)
    tago (0.0.2)
    thor (1.3.2)
    tilt (2.6.0)
    tzinfo (2.0.6)
      concurrent-ruby (~> 1.0)
    uri (1.0.3)
    zeitwerk (2.7.2)

PLATFORMS
  arm64-darwin-21
  arm64-darwin-22
  arm64-darwin-23
  arm64-darwin-24
  x86_64-darwin-22
  x86_64-darwin-23
  x86_64-linux

DEPENDENCIES
  bridgetown (~> 1.3.3)
  bridgetown-lit-renderer (= 2.1.0.beta2)
  bridgetown-quick-search (~> 3.0.3)
  bridgetown-seo-tag (~> 6.0)
  bridgetown-sitemap (~> 2.0)
  bridgetown-svg-inliner (~> 2.0)
  bridgetown_internal_markdown_links (~> 0.2.0)
  puma (< 7)

BUNDLED WITH
   2.6.6
